PATH
  remote: .
  specs:
    youtube_search (0.2.0)

GEM
  remote: https://rubygems.org/
  specs:
    bump (0.5.0)
    diff-lcs (1.2.5)
    json (1.8.1)
    rake (10.3.2)
    rspec (2.99.0)
      rspec-core (~> 2.99.0)
      rspec-expectations (~> 2.99.0)
      rspec-mocks (~> 2.99.0)
    rspec-core (2.99.0)
    rspec-expectations (2.99.0)
      diff-lcs (>= 1.1.3, < 2.0)
    rspec-mocks (2.99.1)

PLATFORMS
  ruby

DEPENDENCIES
  bump
  json
  rake
  rspec (~> 2)
  youtube_search!
